GIT
  remote: git://github.com/datamapper/dm-migrations.git
  revision: faea4c2b7a5e03c6bbd974589ed6d9bbec8a008b
  specs:
    dm-migrations (1.0.2)
      dm-core (~> 1.0.2)

GEM
  remote: http://rubygems.org/
  specs:
    activesupport (3.0.0)
    addressable (2.2.1)
    dm-core (1.0.2)
      addressable (~> 2.2)
      extlib (~> 0.9.15)
    extlib (0.9.15)
    git (1.2.5)
    jeweler (1.5.0.pre3)
      bundler (~> 1.0.0)
      git (>= 1.2.5)
      rake
    rake (0.8.7)
    rdiscount (1.6.5)
    rspec (1.3.0)
    yard (0.6.1)

PLATFORMS
  ruby

DEPENDENCIES
  activesupport (~> 3.0.0)
  dm-core (~> 1.0.0)
  dm-migrations (~> 1.0.0)!
  jeweler (~> 1.5.0.pre)
  rake (~> 0.8.7)
  rdiscount (~> 1.6.3)
  rspec (~> 1.3.0)
  yard (~> 0.6.0)
